GEM
  remote: https://rubygems.org/
  specs:
    activesupport (3.2.13)
      i18n (= 0.6.1)
      multi_json (~> 1.0)
    coderay (1.0.9)
    i18n (0.6.1)
    method_source (0.8.1)
    multi_json (1.7.7)
    nokogiri (1.5.9)
    pry (0.9.12.2)
      coderay (~> 1.0.5)
      method_source (~> 0.8)
      slop (~> 3.4)
    rake (10.1.0)
    slop (3.4.5)

PLATFORMS
  ruby

DEPENDENCIES
  activesupport (~> 3.2.13)
  nokogiri
  pry
  rake
